PATH
  remote: .
  specs:
    minitel (0.0.1)
      excon (~> 0, > 0.16)
      multi_json (~> 1.10)

GEM
  remote: https://rubygems.org/
  specs:
    diff-lcs (1.2.5)
    excon (0.39.6)
    multi_json (1.10.1)
    rack (1.5.2)
    rspec (3.1.0)
      rspec-core (~> 3.1.0)
      rspec-expectations (~> 3.1.0)
      rspec-mocks (~> 3.1.0)
    rspec-core (3.1.5)
      rspec-support (~> 3.1.0)
    rspec-expectations (3.1.2)
      diff-lcs (>= 1.2.0, < 2.0)
      rspec-support (~> 3.1.0)
    rspec-mocks (3.1.2)
      rspec-support (~> 3.1.0)
    rspec-support (3.1.1)
    sham_rack (1.3.6)
      rack

PLATFORMS
  ruby

DEPENDENCIES
  minitel!
  rspec (~> 3.0)
  sham_rack (~> 1.3)
